GEM
  remote: https://rubygems.org/
  specs:
    google-protobuf (3.19.2)
    googleapis-common-protos-types (1.0.4)
      google-protobuf (~> 3.0)
    grpc (1.20.0)
      google-protobuf (~> 3.7)
      googleapis-common-protos-types (~> 1.0.0)
    sequel (5.20.0)
    tiny_tds (2.1.2)

PLATFORMS
  ruby

DEPENDENCIES
  grpc
  sequel
  tiny_tds

BUNDLED WITH
   1.10.7
